PATH
  remote: .
  specs:
    imapcli (0.0.1)
      gli (= 2.17.0)

GEM
  remote: https://rubygems.org/
  specs:
    dotenv (2.2.1)
    equatable (0.5.0)
    gli (2.17.0)
    hitimes (1.2.6)
    necromancer (0.4.0)
    pastel (0.7.1)
      equatable (~> 0.5.0)
      tty-color (~> 0.4.0)
    rake (12.1.0)
    rdoc (5.1.0)
    timers (4.1.2)
      hitimes
    tty-color (0.4.2)
    tty-cursor (0.5.0)
    tty-prompt (0.13.2)
      necromancer (~> 0.4.0)
      pastel (~> 0.7.0)
      timers (~> 4.1.2)
      tty-cursor (~> 0.5.0)
      tty-reader (~> 0.1.0)
    tty-reader (0.1.0)
      wisper (~> 2.0.0)
    wisper (2.0.0)

PLATFORMS
  ruby

DEPENDENCIES
  dotenv
  gli
  imapcli!
  rake
  rdoc
  tty-prompt

BUNDLED WITH
   1.15.4
